NUGET
  remote: https://powershellgallery.com/api/v2
    Plaster (1.0.1)
GITHUB
  remote: devopsguys/plaster-powershell-dsc-scaffolding
    FULLPROJECT (f26003d370f0e49656358e0acbfe1105fa860930)