NUGET
  remote: https://powershellgallery.com/api/v2
    Plaster (1.0.1)
GITHUB
  remote: devopsguys/plaster-powershell-dsc-scaffolding
    FULLPROJECT (55c53273810921cef072729cc6b58ed2154aaf12)