NUGET
  remote: https://powershellgallery.com/api/v2
    Plaster (1.0.1)
GITHUB
  remote: devopsguys/plaster-powershell-dsc-scaffolding
    FULLPROJECT (cd5cd9f7417d81b05117879952d994bc8382da52)