NUGET
  remote: https://powershellgallery.com/api/v2
    Plaster (1.0.1)
GITHUB
  remote: devopsguys/plaster-powershell-dsc-scaffolding
    FULLPROJECT (fb2f34f19b9569b17cacdbd2712349697f0cd734)