NUGET
  remote: http://powershellgallery.com/api/v2
    Pester (4.0.4)
    Plaster (1.0.1)
